GIT
  remote: git://github.com/prawnpdf/prawn
  revision: f4fd13a522f1c4e8f7e853361284c6ef0ecb65b1
  branch: master
  specs:
    prawn (1.0.0.rc2)
      afm
      pdf-reader (~> 1.2)
      ruby-rc4
      ttfunk (~> 1.0.3)

GEM
  remote: https://rubygems.org/
  specs:
    Ascii85 (1.0.2)
    afm (0.2.0)
    hashery (2.1.1)
    i18n (0.6.5)
    pdf-reader (1.3.3)
      Ascii85 (~> 1.0.0)
      afm (~> 0.2.0)
      hashery (~> 2.0)
      ruby-rc4
      ttfunk
    rake (10.1.0)
    ruby-rc4 (0.1.5)
    ttfunk (1.0.3)

PLATFORMS
  ruby

DEPENDENCIES
  i18n
  prawn!
  rake
